GEM
  remote: https://rubygems.org/
  specs:
    archive-tar-minitar (0.5.2)
    daemon-kit (0.3.1)
      eventmachine (>= 0.12.10)
      thor
    diff-lcs (1.2.5)
    docker-api (1.13.2)
      archive-tar-minitar
      excon (>= 0.38.0)
      json
    eventmachine (1.0.3)
    excon (0.39.5)
    json (1.8.1)
    mail (2.6.1)
      mime-types (>= 1.16, < 3)
    mime-types (2.1)
    pony (1.8)
      mail (>= 2.0)
    rake (10.3.2)
    rspec (3.1.0)
      rspec-core (~> 3.1.0)
      rspec-expectations (~> 3.1.0)
      rspec-mocks (~> 3.1.0)
    rspec-core (3.1.2)
      rspec-support (~> 3.1.0)
    rspec-expectations (3.1.0)
      diff-lcs (>= 1.2.0, < 2.0)
      rspec-support (~> 3.1.0)
    rspec-mocks (3.1.0)
      rspec-support (~> 3.1.0)
    rspec-support (3.1.0)
    safely (0.3.2)
    thor (0.19.1)

PLATFORMS
  ruby

DEPENDENCIES
  daemon-kit
  docker-api (~> 1.13.2)
  pony
  rake
  rspec
  safely
